GEM
  remote: https://rubygems.org/
  specs:
    activemodel (3.2.19)
      activesupport (= 3.2.19)
      builder (~> 3.0.0)
    activerecord (3.2.19)
      activemodel (= 3.2.19)
      activesupport (= 3.2.19)
      arel (~> 3.0.2)
      tzinfo (~> 0.3.29)
    activerecord-jdbc-adapter (1.3.11)
      activerecord (>= 2.2)
    activesupport (3.2.19)
      i18n (~> 0.6, >= 0.6.4)
      multi_json (~> 1.0)
    arel (3.0.3)
    builder (3.0.4)
    dotenv (1.0.2)
    i18n (0.6.11)
    multi_json (1.10.1)
    tzinfo (0.3.41)

PLATFORMS
  java

DEPENDENCIES
  activerecord (~> 3.2.18)
  activerecord-jdbc-adapter
  dotenv
